PATH
  remote: .
  specs:
    github_events_export (0.1.0)
      octokit (~> 4.15.0)

GEM
  remote: https://rubygems.org/
  specs:
    addressable (2.7.0)
      public_suffix (>= 2.0.2, < 5.0)
    faraday (1.0.0)
      multipart-post (>= 1.2, < 3)
    minitest (5.13.0)
    multipart-post (2.1.1)
    octokit (4.15.0)
      faraday (>= 0.9)
      sawyer (~> 0.8.0, >= 0.5.3)
    public_suffix (4.0.2)
    rake (12.3.3)
    sawyer (0.8.2)
      addressable (>= 2.3.5)
      faraday (> 0.8, < 2.0)

PLATFORMS
  ruby

DEPENDENCIES
  github_events_export!
  minitest (~> 5.0)
  rake (~> 12.0)

BUNDLED WITH
   2.1.2
